GIT
  remote: git://github.com/tryphon/facter.git
  revision: cebe0f69c4bc4372eeae39f6ee54d09ddbe0efed
  specs:
    facter (1.7.1)

GIT
  remote: git://projects.tryphon.priv/box
  revision: d0e9dba56e304e29a493bbf8f99c4fc5de6a1765
  specs:
    tryphon-box (0.0.16)
      activesupport
      facter
      httparty
      steto
      treetop
      trollop

GEM
  remote: https://rubygems.org/
  specs:
    activesupport (4.0.3)
      i18n (~> 0.6, >= 0.6.4)
      minitest (~> 4.2)
      multi_json (~> 1.3)
      thread_safe (~> 0.1)
      tzinfo (~> 0.3.37)
    atomic (1.1.15)
    cocaine (0.2.1)
    coderay (1.0.9)
    diff-lcs (1.2.4)
    ffi (1.2.0)
    formatador (0.2.4)
    guard (1.8.0)
      formatador (>= 0.2.4)
      listen (>= 1.0.0)
      lumberjack (>= 1.0.2)
      pry (>= 0.9.10)
      thor (>= 0.14.6)
    guard-rspec (2.5.0)
      guard (>= 1.1)
      rspec (~> 2.11)
    httparty (0.13.0)
      json (~> 1.8)
      multi_xml (>= 0.5.2)
    i18n (0.6.9)
    json (1.8.1)
    listen (1.0.3)
      rb-fsevent (>= 0.9.3)
      rb-inotify (>= 0.9)
      rb-kqueue (>= 0.2)
    lumberjack (1.0.3)
    method_source (0.8.1)
    minitest (4.7.5)
    multi_json (1.8.4)
    multi_xml (0.5.5)
    parallel (0.9.2)
    polyglot (0.3.4)
    pry (0.9.12.1)
      coderay (~> 1.0.5)
      method_source (~> 0.8)
      slop (~> 3.4)
    puppet (2.7.21)
      facter (~> 1.5)
    puppet-lint (0.3.2)
    puppet-syntax (1.2.0)
      puppet (>= 2.7.0)
      rake
    rake (10.0.4)
    rb-fsevent (0.9.3)
    rb-inotify (0.9.0)
      ffi (>= 0.5.0)
    rb-kqueue (0.2.0)
      ffi (>= 0.5.0)
    rspec (2.13.0)
      rspec-core (~> 2.13.0)
      rspec-expectations (~> 2.13.0)
      rspec-mocks (~> 2.13.0)
    rspec-core (2.13.1)
    rspec-expectations (2.13.0)
      diff-lcs (>= 1.1.3, < 2.0)
    rspec-mocks (2.13.1)
    slop (3.4.4)
    steto (0.0.7)
      cocaine (= 0.2.1)
      json
      parallel
    thor (0.18.1)
    thread_safe (0.2.0)
      atomic (>= 1.1.7, < 2)
    treetop (1.4.15)
      polyglot
      polyglot (>= 0.3.1)
    trollop (2.0)
    tzinfo (0.3.38)

PLATFORMS
  ruby

DEPENDENCIES
  facter!
  guard
  guard-rspec
  puppet (~> 2.7.21)
  puppet-lint
  puppet-syntax
  rake
  rspec
  tryphon-box!
