GIT
  remote: git://github.com/tryphon/facter.git
  revision: dc324f1d9fc8f0defd664bdb6b023f379905fd41
  specs:
    facter (1.7.0)

GIT
  remote: git://projects.tryphon.priv/box
  revision: 8b629541c3996a92c8d3e0b0fcc3fc8d47064045
  specs:
    tryphon-box (0.0.9)
      activesupport
      facter
      httparty
      steto
      treetop
      trollop

GEM
  remote: https://rubygems.org/
  specs:
    activesupport (3.2.13)
      i18n (= 0.6.1)
      multi_json (~> 1.0)
    cocaine (0.2.1)
    coderay (1.0.9)
    diff-lcs (1.2.4)
    ffi (1.2.0)
    formatador (0.2.4)
    guard (1.8.0)
      formatador (>= 0.2.4)
      listen (>= 1.0.0)
      lumberjack (>= 1.0.2)
      pry (>= 0.9.10)
      thor (>= 0.14.6)
    guard-rspec (2.5.0)
      guard (>= 1.1)
      rspec (~> 2.11)
    httparty (0.11.0)
      multi_json (~> 1.0)
      multi_xml (>= 0.5.2)
    i18n (0.6.1)
    json (1.8.0)
    listen (1.0.3)
      rb-fsevent (>= 0.9.3)
      rb-inotify (>= 0.9)
      rb-kqueue (>= 0.2)
    lumberjack (1.0.3)
    method_source (0.8.1)
    multi_json (1.7.3)
    multi_xml (0.5.3)
    parallel (0.6.5)
    polyglot (0.3.3)
    pry (0.9.12.1)
      coderay (~> 1.0.5)
      method_source (~> 0.8)
      slop (~> 3.4)
    puppet (2.7.21)
      facter (~> 1.5)
    rake (10.0.4)
    rb-fsevent (0.9.3)
    rb-inotify (0.9.0)
      ffi (>= 0.5.0)
    rb-kqueue (0.2.0)
      ffi (>= 0.5.0)
    rspec (2.13.0)
      rspec-core (~> 2.13.0)
      rspec-expectations (~> 2.13.0)
      rspec-mocks (~> 2.13.0)
    rspec-core (2.13.1)
    rspec-expectations (2.13.0)
      diff-lcs (>= 1.1.3, < 2.0)
    rspec-mocks (2.13.1)
    slop (3.4.4)
    steto (0.0.7)
      cocaine (= 0.2.1)
      json
      parallel
    thor (0.18.1)
    treetop (1.4.12)
      polyglot
      polyglot (>= 0.3.1)
    trollop (2.0)

PLATFORMS
  ruby

DEPENDENCIES
  facter!
  guard
  guard-rspec
  puppet (~> 2.7.21)
  rake
  rspec
  tryphon-box!
